GEM
  remote: https://rubygems.org/
  specs:
    diff-lcs (1.4.4)
    optparse (0.2.0)
    ostruct (0.5.2)
    rspec (3.10.0)
      rspec-core (~> 3.10.0)
      rspec-expectations (~> 3.10.0)
      rspec-mocks (~> 3.10.0)
    rspec-core (3.10.1)
      rspec-support (~> 3.10.0)
    rspec-expectations (3.10.1)
      diff-lcs (>= 1.2.0, < 2.0)
      rspec-support (~> 3.10.0)
    rspec-mocks (3.10.2)
      diff-lcs (>= 1.2.0, < 2.0)
      rspec-support (~> 3.10.0)
    rspec-support (3.10.3)
    sync (0.5.0)
    term-ansicolor (1.7.1)
      tins (~> 1.0)
    tins (1.29.1)
      sync

PLATFORMS
  universal-darwin-21
  x86_64-darwin-20
  x86_64-linux

DEPENDENCIES
  optparse
  ostruct
  rspec (~> 3.0)
  term-ansicolor

BUNDLED WITH
   2.2.31
